GEM
  remote: https://rubygems.org/
  specs:
    awesome_print (1.8.0)
    bond (0.5.1)
    coderay (1.1.2)
    czmq-ffi-gen (0.15.0)
      ffi (~> 1.9.10)
    cztop (0.13.1)
      czmq-ffi-gen (~> 0.15.0)
    data_uri (0.1.0)
    ffi (1.9.25)
    gnuplot (2.6.2)
    iruby (0.3)
      bond (~> 0.5)
      data_uri (~> 0.1)
      mimemagic (~> 0.3)
      multi_json (~> 1.11)
    method_source (0.9.2)
    mimemagic (0.3.3)
    multi_json (1.13.1)
    nyaplot (0.1.6)
    pry (0.12.2)
      coderay (~> 1.1.0)
      method_source (~> 0.9.0)
    pry-doc (1.0.0)
      pry (~> 0.11)
      yard (~> 0.9.11)
    rubyvis (0.7.0)
    yard (0.9.18)

PLATFORMS
  ruby

DEPENDENCIES
  awesome_print
  cztop
  gnuplot
  iruby
  nyaplot
  pry
  pry-doc
  rubyvis

RUBY VERSION
   ruby 2.4.4p296

BUNDLED WITH
   1.17.1
